GEM
  remote: https://rubygems.org/
  specs:
    coderay (1.1.3)
    method_source (1.0.0)
    pry (0.13.1)
      coderay (~> 1.1)
      method_source (~> 1.0)
    require_all (3.0.0)
    ruby2d (0.9.4)

PLATFORMS
  ruby

DEPENDENCIES
  pry
  require_all
  ruby2d

BUNDLED WITH
   2.1.4
